GEM
  remote: https://rubygems.org/
  specs:
    i18n (0.7.0)
    minitest (5.9.0)
    rake (11.1.2)

PLATFORMS
  ruby

DEPENDENCIES
  i18n
  minitest
  rake

BUNDLED WITH
   1.12.5
